INTERFILE			:=
version of keys			:= 3.3
number format			:= float
number of bytes per pixel	:= 4
orientation			:= 2
number of dimensions		:= 4
imagedata byte order    	:= bigendian
matrix size [1]			:= 352
matrix size [2]			:= 416
matrix size [3]			:= 352
matrix size [4]			:= 1
scaling factor (mm/pixel) [1]	:= 0.500000
scaling factor (mm/pixel) [2]	:= 0.500000
scaling factor (mm/pixel) [3]	:= 0.500000
mmppix	:=   0.500000 -0.500000 -0.500000
center	:=    88.7500  -84.7500 -100.7500
